GEM
  remote: http://rubygems.org/
  specs:
    activesupport (3.2.3)
      i18n (~> 0.6)
      multi_json (~> 1.0)
    daemons (1.1.8)
    dalli (2.0.3)
    eventmachine (0.12.10)
    haml (3.1.4)
    i18n (0.6.0)
    json (1.6.6)
    multi_json (1.3.2)
    rack (1.4.1)
    rack-protection (1.2.0)
      rack
    sinatra (1.3.2)
      rack (~> 1.3, >= 1.3.6)
      rack-protection (~> 1.2)
      tilt (~> 1.3, >= 1.3.3)
    sinatra-respond_to (0.8.0)
      sinatra (~> 1.3)
    thin (1.3.1)
      daemons (>= 1.0.9)
      eventmachine (>= 0.12.6)
      rack (>= 1.0.0)
    tilt (1.3.3)

PLATFORMS
  ruby

DEPENDENCIES
  activesupport
  dalli
  haml
  json
  sinatra
  sinatra-respond_to
  thin
